GEM
  remote: https://rubygems.org/
  specs:
    CFPropertyList (2.3.2)
    awesome_print (1.6.1)
    builder (3.2.2)
    calabash (2.0.0.pre9)
      awesome_print
      bundler (>= 1.3.0, < 2.0)
      clipboard
      edn (>= 1.0.6, < 2.0)
      escape (>= 0.0.4, < 1.0)
      geocoder (>= 1.1.8, < 2.0)
      httpclient (~> 2.6)
      json
      luffa
      rubyzip (~> 1.1)
      run_loop (>= 2.0.2, < 3.0)
    calabash-android (0.6.1.pre2empty4)
      awesome_print (~> 1.2)
      cucumber
      escape (~> 0.0.4)
      httpclient (>= 2.3.2, < 3.0)
      json (~> 1.8)
      retriable (>= 1.3.3.1, < 1.5)
      rubyzip (~> 1.1)
      slowhandcuke (~> 0.0.3)
    calabash-cucumber (0.18.2)
      CFPropertyList
      awesome_print
      bundler (~> 1.3)
      cucumber
      edn (>= 1.0.6, < 2.0)
      geocoder (>= 1.1.8, < 2.0)
      httpclient (>= 2.3.2, < 3.0)
      json
      run_loop (>= 2.0.9, < 3.0)
      sim_launcher (~> 0.4.13)
      slowhandcuke (~> 0.0.3)
    clipboard (1.1.0)
    command_runner_ng (0.1.0)
    cucumber (2.3.3)
      builder (>= 2.1.2)
      cucumber-core (~> 1.4.0)
      cucumber-wire (~> 0.0.1)
      diff-lcs (>= 1.1.3)
      gherkin (~> 3.2.0)
      multi_json (>= 1.7.5, < 2.0)
      multi_test (>= 0.1.2)
    cucumber-core (1.4.0)
      gherkin (~> 3.2.0)
    cucumber-wire (0.0.1)
    diff-lcs (1.2.5)
    edn (1.1.0)
    escape (0.0.4)
    geocoder (1.3.1)
    gherkin (3.2.0)
    httpclient (2.7.1)
    json (1.8.3)
    luffa (2.0.0)
      awesome_print (~> 1.2)
      json (~> 1.8)
      retriable (>= 1.3.3.1, < 2.1)
      thor (~> 0.19)
    mime-types (2.99.1)
    multi_json (1.11.2)
    multi_test (0.1.2)
    rack (1.6.4)
    rack-protection (1.5.3)
      rack
    retriable (1.4.1)
    rubyzip (1.2.0)
    run_loop (2.1.0)
      CFPropertyList (~> 2.2)
      awesome_print (~> 1.2)
      command_runner_ng (>= 0.0.2)
      httpclient (~> 2.6)
      json (~> 1.8)
      thor (>= 0.18.1, < 1.0)
    sim_launcher (0.4.13)
      sinatra
    sinatra (1.4.7)
      rack (~> 1.5)
      rack-protection (~> 1.4)
      tilt (>= 1.3, < 3)
    slowhandcuke (0.0.3)
      cucumber
    thor (0.19.1)
    tilt (2.0.2)
    xamarin-test-cloud (2.0.0.pre2)
      bundler (>= 1.3.0, < 2.0)
      httpclient (~> 2.6)
      json (~> 1.8)
      mime-types (~> 2.99)
      retriable (>= 1.3.3.1, < 2.1)
      rubyzip (~> 1.1)
      thor (>= 0.18.1, < 1.0)

PLATFORMS
  ruby

DEPENDENCIES
  calabash (= 2.0.0.pre9)
  calabash-android (= 0.6.1.pre2empty4)
  calabash-cucumber
  xamarin-test-cloud (= 2.0.0.pre2)

BUNDLED WITH
   1.11.2
